GEM
  remote: https://rubygems.org/
  specs:
    dotenv (2.7.6)
    tiny_tds (2.1.5-x64-mingw32)

PLATFORMS
  x64-mingw32

DEPENDENCIES
  dotenv (~> 2.7, >= 2.7.6)
  tiny_tds (~> 2.1, >= 2.1.5)

BUNDLED WITH
   2.2.28
